PATH
  remote: .
  specs:
    openc-json_schema (0.0.2)
      json-schema (= 2.5.0)

GEM
  remote: https://rubygems.org/
  specs:
    addressable (2.3.6)
    diff-lcs (1.2.5)
    json-schema (2.5.0)
      addressable (~> 2.3)
    rake (10.4.2)
    rspec (3.1.0)
      rspec-core (~> 3.1.0)
      rspec-expectations (~> 3.1.0)
      rspec-mocks (~> 3.1.0)
    rspec-core (3.1.7)
      rspec-support (~> 3.1.0)
    rspec-expectations (3.1.2)
      diff-lcs (>= 1.2.0, < 2.0)
      rspec-support (~> 3.1.0)
    rspec-mocks (3.1.3)
      rspec-support (~> 3.1.0)
    rspec-support (3.1.2)

PLATFORMS
  ruby

DEPENDENCIES
  bundler (~> 1.7)
  openc-json_schema!
  rake (~> 10.0)
  rspec (~> 3.0)
